GEM
  remote: https://rubygems.org/
  specs:
    activesupport (3.2.6)
      i18n (~> 0.6)
      multi_json (~> 1.0)
    adsf (1.1.1)
      rack (>= 1.0.0)
    chunky_png (1.2.5)
    colored (1.2)
    compass (0.12.1)
      chunky_png (~> 1.2)
      fssm (>= 0.2.7)
      sass (~> 3.1)
    compass-h5bp (0.0.5)
      compass
    cri (2.3.0)
      colored (>= 1.2)
    execjs (1.4.0)
      multi_json (~> 1.0)
    fspath (2.0.4)
    fssm (0.2.9)
    haml (3.1.6)
    i18n (0.6.0)
    image_optim (0.4.2)
      fspath (~> 2.0.3)
      image_size (~> 1.1)
      in_threads (~> 1.1.1)
      progress (~> 2.4.0)
    image_size (1.1.0)
    in_threads (1.1.1)
    json (1.7.3)
    kramdown (0.13.7)
    mime-types (1.18)
    multi_json (1.3.6)
    nanoc (3.4.0)
      cri (~> 2.2)
    nanoc-cachebuster (0.3.1)
      nanoc (>= 3.3.0)
    nanoc-image-compressor (0.1.1)
      image_optim
      nanoc (>= 3.3.1)
    nanoc-javascript-concatenator (0.0.2)
      nanoc (>= 3.3.0)
    nokogiri (1.5.4)
    progress (2.4.0)
    rack (1.4.1)
    rake (0.9.2.2)
    sass (3.1.19)
    systemu (2.5.1)
    uglifier (1.2.4)
      execjs (>= 0.3.0)
      multi_json (>= 1.0.2)
    w3c_validators (1.2)
      json
      nokogiri

PLATFORMS
  ruby

DEPENDENCIES
  activesupport
  adsf
  compass (~> 0.12)
  compass-h5bp (>= 0.0.5)
  haml (~> 3.1)
  i18n
  kramdown
  mime-types
  multi_json (~> 1.3)
  nanoc (~> 3.4.0)
  nanoc-cachebuster (>= 0.3.1)
  nanoc-image-compressor (>= 0.1.1)
  nanoc-javascript-concatenator
  nokogiri
  rack
  rake
  sass (~> 3.1)
  systemu
  uglifier
  w3c_validators
